##TITLE= Parameter file, TopSpin 3.6.2
##JCAMPDX= 5.0
##DATATYPE= Parameter Values
##NPOINTS= 375694	$$ modification sequence number
##ORIGIN= Bruker BioSpin GmbH
##OWNER= nmrsu
$$ 2024-06-07 13:27:30.178 +0100  dfh@CZC943CYR0
$$ /opt/topspin3.6.2/conf/instr/spect/specpar
$$ process /opt/topspin3.6.2/prog/mod/hconfserver
##$ANCIEN= (0..7)
0 0 0 0 0 0 0 0
##$BF1= 100.13
##$BF2= 100.13
##$BF3= 100.13
##$DEC= 1
##$DECB= 1
##$DEF19F= yes
##$DEFRSEL= yes
##$HPMOD= (0..7)
0 0 0 0 0 0 0 0
##$HPPRECH= (0..15)
-1 -1 -1 -1 -1 -1 -1 -1 -1 -1 -1 -1 -1 -1 -1 -1
##$HPSELECT= no
##$LOCSW19F= -1
##$LOCSW2H= -1
##$NUC1= 1
##$NUC2= 0
##$NUC3= 0
##$NUC4= 0
##$NUC5= 0
##$NUC6= 0
##$NUC7= 0
##$NUC8= 0
##$NUCARR= (0..123)
800.44 800.44 122.872413559 853.781113489 609.770685526 117.793438775 311.081376708
112.476331978 85.996536092 256.812961489 201.270798088 57.822865095 81.107880817
108.511304412 753.16610165 63.189102897 211.73158836 49.000015195 208.56952218
159.024911623 324.024051268 61.4417744 78.426382801 65.281685191 37.351516041
20.501709742 53.869844128 194.440859688 45.125077154 45.137107765 79.806341361
210.539316969 45.244838977 198.422816557 25.91647022 189.920991129 71.527726624
212.240452081 227.354520249 50.081953932 192.116437961 244.107817503 27.921868586
137.056251505 152.656018658 41.76473398 200.542077512 216.170972677 30.79772944
77.282025748 261.907602001 34.68964482 39.223144869 74.411287709 195.917055149
52.164082471 53.258836259 180.165644631 36.861470664 41.313662023 25.505596368
36.62893484 32.400362404 37.248739546 169.817188112 177.643049971 175.022249323
175.397447569 261.893954497 285.21485394 298.489134785 191.54991054 103.730756556
209.473082868 252.536970984 160.147920935 222.603852815 65.987641253 104.986847028
79.519367612 88.95232088 105.61245492 113.067280821 245.094728 43.62398
26.894784 33.378348 27.535136 198.989384 87.888312 24.573508 32.257732
192.425776 27.535136 38.581208 170.813896 23.052672 66.356476 140.071444943
38.5892124 91.2821776 65.0837764 32.0736308 20.1470748 95.96955424 33.349428103
180.29590824 182.11290704 18.268690257 62.15736776 13.7515592 14.9762324
172.068857854 13.8396076 143.36538362 52.921754964 457.23694208 461.724512885
167.456842636 128.625008863 14.73930216 100 100 100
##$NUCOFFS= (0..127)
<13C> <1H> <15N> <2H> <19F> <3H> <14N> <17O> <3He> <6Li> <7Li> <9Be> <10B>
<11B> <23Na> <21Ne> <31P> <> <> <> <> <> <> <> <> <> <> <> <> <> <> <>
<> <> <> <> <> <> <> <> <> <> <> <> <> <> <> <> <> <> <> <> <> <> <> <>
<> <> <> <> <> <> <> <> <> <> <> <> <> <> <> <> <> <> <> <> <> <> <> <>
<> <> <> <> <> <> <> <> <> <> <> <> <> <> <> <> <> <> <> <> <> <> <> <>
<> <> <> <> <> <> <> <> <> <> <> <> <> <> <> <> <> <> <> <> <> <> <> <>
##$OBS= 1
##$OFFS= (0..127)
0 3784 9650.75 0 0 0 0 0 0 0 0 0 0 0 0 0 0 0 0 0 0 0 0 0 0 0 0 0 0 0 0
0 0 0 0 0 0 0 0 0 0 0 0 0 0 0 0 0 0 0 0 0 0 0 0 0 0 0 0 0 0 0 0 0 0 0 0
0 0 0 0 0 0 0 0 0 0 0 0 0 0 0 0 0 0 0 0 0 0 0 0 0 0 0 0 0 0 0 0 0 0 0 0
0 0 0 0 0 0 0 0 0 0 0 0 0 0 0 0 0 0 0 0 0 0 0 0 0
##$OFFSF= (0..7)
0 0 0 0 0 0 0 0
##$OFFSH= (0..7)
0 0 0 0 0 0 0 0
##$OFFSX= (0..7)
0 0 0 0 0 0 0 0
##$OFFSXAS= (0..7)
0 0 0 0 0 0 0 0
##$OFSF1= 0
##$OFSF2= 0
##$OFSH1= 0
##$OFSH2= 0
##$OFSH3= 0
##$OFSX1= 0
##$OFSX2= 0
##$OFSY= 0
##$PACOIL= (0..15)
0 0 0 0 0 0 0 0 0 0 0 0 0 0 0 0
##$PRECHAN= (0..15)
-1 4 0 1 5 -1 -1 -1 -1 -1 -1 -1 -1 -1 -1 -1
##$RECPRE= (0..15)
-1 0 -1 -1 -1 -1 -1 -1 -1 -1 -1 -1 -1 -1 -1 -1
##$RECPRFX= (0..15)
1 0 0 0 0 0 0 0 0 0 0 0 0 0 0 0
##$RECSEL= (0..15)
0 0 0 0 1 0 0 0 0 0 0 0 0 0 0 0
##$SELREC= (0..9)
0 0 0 0 0 0 0 0 0 0
##$SFO1= 800.443784
##$SFO2= 800.44
##$SFO3= 800.44
##$SFO4= 800.44
##$SFO5= 800.443761
##$SFO6= 800.443761
##$SFO7= 800.443761
##$SFO8= 800.443761
##$TY= (0..123)
0 0 0 0 0 0 0 0 0 0 0 0 0 0 0 0 0 0 0 0 0 0 0 0 0 0 0 0 0 0 0 0 0 0 0 0
0 0 0 0 0 0 0 0 0 0 0 0 0 0 0 0 0 0 0 0 0 0 0 0 0 0 0 0 0 0 0 0 0 0 0 0
0 0 0 0 0 0 0 0 0 0 0 0 0 0 0 0 0 0 0 0 0 0 0 0 0 0 0 0 0 0 0 0 0 0 0 0
0 0 0 0 0 0 0 0 0 0 0 0 0 0 0 0
##END=
